GIT
  remote: https://github.com/stympy/faker.git
  revision: 799fd6eca19f414d32a97ef29b9d0a06d8cb1254
  branch: master
  specs:
    faker (1.8.7)
      i18n (>= 0.7)

GEM
  remote: https://rubygems.org/
  specs:
    activesupport (5.1.5)
      concurrent-ruby (~> 1.0, >= 1.0.2)
      i18n (~> 0.7)
      minitest (~> 5.1)
      tzinfo (~> 1.1)
    concurrent-ruby (1.0.5)
    factory_bot (4.8.2)
      activesupport (>= 3.0.0)
    i18n (0.9.5)
      concurrent-ruby (~> 1.0)
    minitest (5.11.3)
    thread_safe (0.3.6)
    tzinfo (1.2.5)
      thread_safe (~> 0.1)

PLATFORMS
  ruby

DEPENDENCIES
  factory_bot (~> 4.0)
  faker!

BUNDLED WITH
   1.16.1
